GEM
  remote: https://rubygems.org/
  specs:
    faraday (0.9.0)
      multipart-post (>= 1.2, < 3)
    faraday_middleware (0.9.1)
      faraday (>= 0.7.4, < 0.10)
    multi_json (1.10.1)
    multipart-post (2.0.0)
    slack-api (0.0.2)
      faraday (>= 0.7, <= 0.9)
      faraday_middleware (~> 0.8)
      multi_json (~> 1.0, >= 1.0.3)

PLATFORMS
  ruby

DEPENDENCIES
  slack-api
